GEM
  remote: https://rubygems.org/
  specs:
    minitest (5.19.0)
    mysql2 (0.5.5)

PLATFORMS
  arm64-darwin-21

DEPENDENCIES
  minitest
  mysql2

BUNDLED WITH
   2.4.2
