GEM
  remote: https://rubygems.org/
  specs:
    minitest (5.16.3)
    mysql2 (0.5.4)

PLATFORMS
  arm64-darwin-21
  x86_64-darwin-22

DEPENDENCIES
  minitest
  mysql2

BUNDLED WITH
   2.3.25
